GEM
  remote: http://rubygems.org/
  specs:
    activemodel (3.2.2)
      activesupport (= 3.2.2)
      builder (~> 3.0.0)
    activerecord (3.2.2)
      activemodel (= 3.2.2)
      activesupport (= 3.2.2)
      arel (~> 3.0.2)
      tzinfo (~> 0.3.29)
    activesupport (3.2.2)
      i18n (~> 0.6)
      multi_json (~> 1.0)
    addressable (2.2.6)
    arel (3.0.2)
    bson (1.6.1)
    bson_ext (1.6.1)
      bson (~> 1.6.1)
    builder (3.0.4)
    chunky_png (1.2.7)
    coffee-script (2.2.0)
      coffee-script-source
      execjs
    coffee-script-source (1.6.2)
    compass (0.11.7)
      chunky_png (~> 1.2)
      fssm (>= 0.2.7)
      sass (~> 3.1)
    execjs (1.4.0)
      multi_json (~> 1.0)
    foreman (0.62.0)
      thor (>= 0.13.6)
    fssm (0.2.10)
    haml (3.1.4)
    heroku (2.21.2)
      launchy (>= 0.3.2)
      rest-client (~> 1.6.1)
      rubyzip
      term-ansicolor (~> 1.0.5)
    i18n (0.6.4)
    launchy (2.1.0)
      addressable (~> 2.2.6)
    mime-types (1.21)
    mongo (1.6.1)
      bson (~> 1.6.1)
    mongoid (2.4.6)
      activemodel (~> 3.1)
      mongo (~> 1.3)
      tzinfo (~> 0.3.22)
    multi_json (1.7.2)
    rack (1.4.1)
    rest-client (1.6.7)
      mime-types (>= 1.16)
    rubyzip (0.9.9)
    sass (3.1.15)
    sassy-buttons (0.0.9)
      compass (>= 0.11)
    social (0.0.8)
    term-ansicolor (1.0.7)
    thor (0.18.0)
    tzinfo (0.3.37)

PLATFORMS
  ruby

DEPENDENCIES
  activerecord (= 3.2.2)
  activesupport (= 3.2.2)
  addressable (= 2.2.6)
  bson (= 1.6.1)
  bson_ext (= 1.6.1)
  coffee-script (= 2.2.0)
  compass (= 0.11.7)
  foreman
  haml (= 3.1.4)
  heroku (= 2.21.2)
  mongo (= 1.6.1)
  mongoid (= 2.4.6)
  rack (= 1.4.1)
  sass (= 3.1.15)
  sassy-buttons
  social (= 0.0.8)
